PATH
  remote: .
  specs:
    status-checker (0.1.0)
      log4r (= 1.1.10)
      rest-client (= 2.0.2)

GEM
  remote: https://rubygems.org/
  specs:
    ast (2.4.0)
    byebug (10.0.2)
    domain_name (0.5.20180417)
      unf (>= 0.0.5, < 1.0.0)
    http-cookie (1.0.3)
      domain_name (~> 0.5)
    log4r (1.1.10)
    m (1.5.1)
      method_source (>= 0.6.7)
      rake (>= 0.9.2.2)
    metaclass (0.0.4)
    method_source (0.9.0)
    mime-types (3.1)
      mime-types-data (~> 3.2015)
    mime-types-data (3.2016.0521)
    minitest (5.11.3)
    mocha (1.5.0)
      metaclass (~> 0.0.1)
    netrc (0.11.0)
    parser (2.5.1.0)
      ast (~> 2.4.0)
    powerpack (0.1.1)
    rainbow (2.2.2)
      rake
    rake (10.5.0)
    rest-client (2.0.2)
      http-cookie (>= 1.0.2, < 2.0)
      mime-types (>= 1.16, < 4.0)
      netrc (~> 0.8)
    rubocop (0.48.1)
      parser (>= 2.3.3.1, < 3.0)
      powerpack (~> 0.1)
      rainbow (>= 1.99.1, < 3.0)
      ruby-progressbar (~> 1.7)
      unicode-display_width (~> 1.0, >= 1.0.1)
    ruby-progressbar (1.9.0)
    unf (0.1.4)
      unf_ext
    unf_ext (0.0.7.5)
    unicode-display_width (1.3.2)

PLATFORMS
  ruby

DEPENDENCIES
  bundler (= 1.16.1)
  byebug (= 10.0.2)
  m (= 1.5.1)
  minitest (= 5.11.3)
  mocha (= 1.5.0)
  rake (= 10.5.0)
  rubocop (= 0.48.1)
  status-checker!

RUBY VERSION
   ruby 2.4.4p296

BUNDLED WITH
   1.16.1
